GEM
  remote: https://rubygems.org/
  remote: http://gems.github.com/
  specs:
    awesome_print (1.8.0)
    backports (3.11.0)
    coderay (1.1.2)
    json (2.1.0)
    method_source (0.9.0)
    multi_json (1.13.1)
    mustermann (1.0.1)
    pry (0.11.3)
      coderay (~> 1.1.0)
      method_source (~> 0.9.0)
    rack (2.0.3)
    rack-protection (2.0.0)
      rack
    sinatra (2.0.0)
      mustermann (~> 1.0)
      rack (~> 2.0)
      rack-protection (= 2.0.0)
      tilt (~> 2.0)
    sinatra-contrib (2.0.0)
      backports (>= 2.0)
      multi_json
      mustermann (~> 1.0)
      rack-protection (= 2.0.0)
      sinatra (= 2.0.0)
      tilt (>= 1.3, < 3)
    sinatra-reloader (1.0)
      sinatra-contrib
    tilt (2.0.8)

PLATFORMS
  ruby

DEPENDENCIES
  awesome_print
  json
  pry
  sinatra
  sinatra-reloader

RUBY VERSION
   ruby 2.3.0p0

BUNDLED WITH
   1.16.1
