GEM
  remote: https://rubygems.org/
  remote: http://gems.github.com/
  specs:
    awesome_print (1.7.0)
    json (2.0.3)
    rack (1.6.5)
    rack-protection (1.5.3)
      rack
    sinatra (1.4.8)
      rack (~> 1.5)
      rack-protection (~> 1.4)
      tilt (>= 1.3, < 3)
    tilt (2.0.6)

PLATFORMS
  ruby

DEPENDENCIES
  awesome_print
  json
  sinatra

BUNDLED WITH
   1.14.4
